GIT
  remote: https://github.com/ncbo/goo.git
  revision: e805bc3792f85f63302ed7aa16950d16c1d68ec1
  specs:
    goo (0.0.2)
      rdf
      redis
      rest-client
      rsolr
      sparql-client
      uuid

GIT
  remote: https://github.com/ncbo/sparql-client.git
  revision: edd369b06c36afbb2605c7758b8e5c949e554de9
  specs:
    sparql-client (1.0.1)
      json_pure (>= 1.4)
      net-http-persistent (>= 1.4)
      rdf (>= 1.0)

GEM
  remote: https://rubygems.org/
  specs:
    activesupport (4.0.0)
      i18n (~> 0.6, >= 0.6.4)
      minitest (~> 4.2)
      multi_json (~> 1.3)
      thread_safe (~> 0.1)
      tzinfo (~> 0.3.37)
    addressable (2.3.5)
    atomic (1.1.13)
    builder (3.2.2)
    coderay (1.0.9)
    i18n (0.6.5)
    json_pure (1.8.0)
    macaddr (1.6.1)
      systemu (~> 2.5.0)
    method_source (0.8.2)
    mime-types (1.25)
    minitest (4.7.5)
    multi_json (1.7.9)
    net-http-persistent (2.9)
    oj (2.1.4)
    pry (0.9.12.2)
      coderay (~> 1.0.5)
      method_source (~> 0.8)
      slop (~> 3.4)
    rake (10.1.0)
    rdf (1.0.8)
      addressable (>= 2.2)
    redis (3.0.4)
    rest-client (1.6.7)
      mime-types (>= 1.16)
    rsolr (1.0.9)
      builder (>= 2.1.2)
    rubyzip (1.0.0)
    slop (3.4.6)
    systemu (2.5.2)
    thread_safe (0.1.2)
      atomic
    tzinfo (0.3.37)
    uuid (2.3.7)
      macaddr (~> 1.0)

PLATFORMS
  ruby

DEPENDENCIES
  activesupport
  goo!
  minitest (< 5.0)
  multi_json
  oj
  pry
  rake
  rsolr
  rubyzip
  sparql-client!
